FRAMEWORK: NET45
NUGET
  remote: https://www.nuget.org/api/v2
    FAKE (4.61.2)
    FSharp.TypeProviders.StarterPack (1.1.3.88)
    Neo4jClient (2.0.0.7)
      Newtonsoft.Json (>= 9.0.1)
    Newtonsoft.Json (10.0.2)
  remote: ../metatp/packaged
    MetaTp (0.2)
      FSharp.TypeProviders.StarterPack (>= 1.1.3.88)
