NUGET
  remote: https://www.nuget.org/api/v2
  specs:
    FAKE (4.23.1)
    FSharp.TypeProviders.StarterPack (1.1.3.88) - framework: >= net45
    Microsoft.Bcl (1.1.10)
      Microsoft.Bcl.Build (>= 1.0.14)
    Microsoft.Bcl.Build (1.0.21) - import_targets: false
    Microsoft.Net.Http (2.2.29)
      Microsoft.Bcl (>= 1.1.10)
      Microsoft.Bcl.Build (>= 1.0.14)
    Neo4jClient (1.1.0.34)
      Microsoft.Net.Http (>= 2.0.20710)
      Newtonsoft.Json (>= 6.0.3)
    Newtonsoft.Json (8.0.3)
  remote: ../metatp/packaged
  specs:
    MetaTp (0.1)
      FSharp.TypeProviders.StarterPack (>= 1.1.3.88) - framework: >= net45
